GEM
  remote: https://rubygems.org/
  specs:
    sentry-ruby (4.2.2)
      concurrent-ruby (~> 1.0, >= 1.0.2)
      faraday (>= 1.0)
      sentry-ruby-core (= 4.2.2)
    sentry-ruby-core (4.2.2)
      concurrent-ruby
      faraday

PLATFORMS
  ruby

DEPENDENCIES
  sentry-ruby

BUNDLED WITH
   2.1.4
